{
    "Manufacturer": "Bruker BioSpin MRI GmbH",
    "ManufacturersModelName": "spect",
    "DeviceSerialNumber": "TCD7T",
    "StationName": "spect",
    "MagneticFieldStrength": 7.054514160198022,
    "ReceiveCoilName": "RF ARR 300 1H R.HEAD 8X1 AD RO",
    "ReceiveCoilActiveElements": "MULTICOIL",
    "GradientSetType": "ACQ_status",
    "MRTransmitCoilSequence": "RF RES 300 1H 089/072 QUAD TO AD",
    "CoilConfigName": "ACQ_coil_config_file",
    "MatrixCoilMode": "ParallelExperiment",
    "PulseSequenceType": "RARE.ppg",
    "ScanningSequence": "Bruker:RARE",
    "ScanOptions": [
        "PFF",
        "PFP",
        "SP",
        "FP"
    ],
    "SequenceName": "T2_TurboRARE",
    "PulseSequenceDetails": "T2_TurboRARE (E3)",
    "NumberShots": 1,
    "ParallelReductionFactorInPlane": 8,
    "PhaseEncodingDirection": "j",
    "EffectiveEchoSpacing": 3.3333333333333333e-06,
    "TotalReadoutTime": 0.00032,
    "DwellTime": 0.00256,
    "FlipAngle": 180,
    "InstitutionName": "Trinity College",
    "EchoTime": 0.03,
    "SoftwareVersions": "PV-7.0.0",
    "InstitutionAddress": "College Green, Dublin 2, Ireland",
    "InstitutionalDepartmentName": "Trinity College institute of Neuroscience",
    "SkullStripped": false,
    "MRAcquisitionType": "2D",
    "NonlinearGradientCorrection": false,
    "SequenceVariant": "SP",
    "CoilCombinationMethod": "Sum of Squares"
}