{
    "Manufacturer": "Bruker BioSpin MRI GmbH",
    "ManufacturersModelName": "spect",
    "DeviceSerialNumber": "TCD7T",
    "StationName": "spect",
    "MagneticFieldStrength": 7.054499671046223,
    "ReceiveCoilName": "RF ARR 300 1H R.HEAD 8X1 AD RO",
    "ReceiveCoilActiveElements": "MULTICOIL",
    "GradientSetType": "ACQ_status",
    "MRTransmitCoilSequence": "RF RES 300 1H 089/072 QUAD TO AD",
    "CoilConfigName": "ACQ_coil_config_file",
    "MatrixCoilMode": "ParallelExperiment",
    "PulseSequenceType": "EPI.ppg",
    "ScanningSequence": "Bruker:EPI",
    "ScanOptions": [
        "PFF",
        "PFP",
        "FC",
        "SP",
        "FP"
    ],
    "SequenceName": "T2star_FID_EPI_18_slices",
    "PulseSequenceDetails": "T2star_FID_EPI_18_slices (E7)",
    "NumberShots": 1,
    "ParallelReductionFactorInPlane": 1,
    "PhaseEncodingDirection": "k",
    "EffectiveEchoSpacing": 6.0444444444444415e-06,
    "TotalReadoutTime": 0.0002901333333333332,
    "SliceTiming": [
        0.0,
        0.00011111111111111112,
        0.00022222222222222223,
        0.0003333333333333334,
        0.00044444444444444447,
        0.0005555555555555556,
        0.0006666666666666668,
        0.0007777777777777778,
        0.0008888888888888889,
        5.555555555555556e-05,
        0.0001666666666666667,
        0.0002777777777777778,
        0.0003888888888888889,
        0.0005,
        0.0006111111111111111,
        0.0007222222222222223,
        0.0008333333333333334,
        0.0009444444444444445
    ],
    "SliceEncodingDirection": "j",
    "DwellTime": 0.0002901333333333332,
    "FlipAngle": 55,
    "InstitutionName": "Trinity College",
    "TaskName": "rest",
    "RepetitionTime": 1.0,
    "EchoTime": 0.017,
    "SoftwareVersions": "PV-7.0.0",
    "InstitutionAddress": "College Green, Dublin 2, Ireland",
    "InstitutionalDepartmentName": "Trinity College institute of Neuroscience",
    "SkullStripped": false,
    "MRAcquisitionType": "2D",
    "NonlinearGradientCorrection": false,
    "SequenceVariant": "SP",
    "CoilCombinationMethod": "Sum of Squares"
}